GEM
  remote: https://rubygems.org/
  remote: http://gems.github.com/
  specs:
    ffi (1.9.3)
    libusb (0.4.0)
      ffi (>= 1.0)
    youpy-itunes-observer (0.0.2)

PLATFORMS
  ruby

DEPENDENCIES
  libusb
  youpy-itunes-observer
